PATH
  remote: .
  specs:
    millibot (0.0.1)
      foreverb (~> 0.2.6)
      growl (~> 1.0.3)
      sequel
      sinatra
      slim
      sqlite3

PATH
  remote: ~/gitcodes/chatterbot
  specs:
    chatterbot (0.4.0)
      twitter_oauth

GEM
  remote: http://rubygems.org/
  specs:
    archive-tar-minitar (0.5.2)
    capybara (1.1.2)
      mime-types (>= 1.16)
      nokogiri (>= 1.3.3)
      rack (>= 1.0.0)
      rack-test (>= 0.5.4)
      selenium-webdriver (~> 2.0)
      xpath (~> 0.1.4)
    childprocess (0.2.2)
      ffi (~> 1.0.6)
    coderay (0.9.8)
    columnize (0.3.4)
    daemons (1.1.4)
    diff-lcs (1.1.3)
    eventmachine (0.12.10)
    ffi (1.0.11)
    foreverb (0.2.6)
      thor (~> 0.14.6)
    growl (1.0.3)
    json (1.6.3)
    json_pure (1.6.1)
    linecache19 (0.5.12)
      ruby_core_source (>= 0.1.4)
    method_source (0.6.7)
      ruby_parser (>= 2.3.1)
    mime-types (1.17.2)
    nokogiri (1.5.0)
    oauth (0.4.5)
    pry (0.9.7.4)
      coderay (~> 0.9.8)
      method_source (~> 0.6.7)
      ruby_parser (>= 2.3.1)
      slop (~> 2.1.0)
    rack (1.3.5)
    rack-protection (1.1.4)
      rack
    rack-test (0.6.1)
      rack (>= 1.0)
    rspec (2.7.0)
      rspec-core (~> 2.7.0)
      rspec-expectations (~> 2.7.0)
      rspec-mocks (~> 2.7.0)
    rspec-core (2.7.1)
    rspec-expectations (2.7.0)
      diff-lcs (~> 1.1.2)
    rspec-mocks (2.7.0)
    ruby-debug-base19 (0.11.25)
      columnize (>= 0.3.1)
      linecache19 (>= 0.5.11)
      ruby_core_source (>= 0.1.4)
    ruby-debug19 (0.11.6)
      columnize (>= 0.3.1)
      linecache19 (>= 0.5.11)
      ruby-debug-base19 (>= 0.11.19)
    ruby_core_source (0.1.5)
      archive-tar-minitar (>= 0.5.2)
    ruby_parser (2.3.1)
      sexp_processor (~> 3.0)
    rubyzip (0.9.4)
    selenium-webdriver (2.13.0)
      childprocess (>= 0.2.1)
      ffi (~> 1.0.9)
      json_pure
      rubyzip
    sequel (3.30.0)
    sexp_processor (3.0.9)
    shotgun (0.9)
      rack (>= 1.0)
    sinatra (1.3.1)
      rack (~> 1.3, >= 1.3.4)
      rack-protection (~> 1.1, >= 1.1.2)
      tilt (~> 1.3, >= 1.3.3)
    slim (1.0.3)
      temple (~> 0.3.4)
      tilt (~> 1.3.2)
    slop (2.1.0)
    sqlite3 (1.3.5)
    temple (0.3.4)
    thin (1.3.1)
      daemons (>= 1.0.9)
      eventmachine (>= 0.12.6)
      rack (>= 1.0.0)
    thor (0.14.6)
    tilt (1.3.3)
    twitter_oauth (0.4.3)
      json (>= 1.1.9)
      mime-types (>= 1.16)
      oauth (>= 0.4.1)
    xpath (0.1.4)
      nokogiri (~> 1.3)

PLATFORMS
  ruby

DEPENDENCIES
  capybara
  chatterbot!
  millibot!
  pry
  rack-test
  rspec
  ruby-debug19
  shotgun
  thin
